PATH
  remote: .
  specs:
    yinum (2.2.2)
      generate_method (~> 1.0)

GEM
  remote: http://rubygems.org/
  specs:
    diff-lcs (1.2.5)
    generate_method (1.0.0)
    nil_or (2.0.0)
    rspec (2.14.1)
      rspec-core (~> 2.14.0)
      rspec-expectations (~> 2.14.0)
      rspec-mocks (~> 2.14.0)
    rspec-core (2.14.8)
    rspec-expectations (2.14.5)
      diff-lcs (>= 1.1.3, < 2.0)
    rspec-mocks (2.14.6)

PLATFORMS
  ruby

DEPENDENCIES
  nil_or (~> 2.0)
  rspec (~> 2.0)
  yinum!

BUNDLED WITH
   1.14.6
